PATH
  remote: .
  specs:
    theine2 (1.0.1)

GEM
  remote: http://rubygems.org/
  specs:

PLATFORMS
  java
  ruby

DEPENDENCIES
  theine2!

BUNDLED WITH
   2.0.2
