PATH
  remote: .
  specs:
    theine (0.0.18)

GEM
  remote: http://rubygems.org/
  specs:

PLATFORMS
  java
  ruby

DEPENDENCIES
  theine!

BUNDLED WITH
   2.0.2
