PATH
  remote: .
  specs:
    theine (0.0.8)

GEM
  remote: http://rubygems.org/
  specs:

PLATFORMS
  java
  ruby

DEPENDENCIES
  theine!
